GIT
  remote: https://github.com/ConradIrwin/pry-rescue
  revision: dcdc273eedf0d06c8a2262479198bbed7b8aae5f
  specs:
    pry-rescue (0.13)
      interception (>= 0.3)
      pry

PATH
  remote: .
  specs:
    lspace (0.1.pre.1)

GEM
  remote: https://rubygems.org/
  specs:
    binding_of_caller (0.6.8)
    coderay (1.0.8)
    diff-lcs (1.1.3)
    eventmachine (1.0.0)
    interception (0.3)
    method_source (0.8.1)
    pry (0.9.10)
      coderay (~> 1.0.5)
      method_source (~> 0.8)
      slop (~> 3.3.1)
    pry-stack_explorer (0.4.6)
      binding_of_caller (~> 0.6.2)
    rspec (2.11.0)
      rspec-core (~> 2.11.0)
      rspec-expectations (~> 2.11.0)
      rspec-mocks (~> 2.11.0)
    rspec-core (2.11.1)
    rspec-expectations (2.11.3)
      diff-lcs (~> 1.1.3)
    rspec-mocks (2.11.3)
    slop (3.3.3)

PLATFORMS
  ruby

DEPENDENCIES
  eventmachine
  lspace!
  pry-rescue!
  pry-stack_explorer
  rspec
